GIT
  remote: git://github.com/fonemstr/spree-import-products.git
  revision: 996c02ff2ca68db29b669712cd5eb86f8d5aece8
  branch: master
  specs:
    import_products (1.0.1)
      spree_auth_devise
      spree_core (>= 1.3.0)

GIT
  remote: git://github.com/moholtzberg/spree_credit_lines.git
  revision: c8dabdb48cb1bc07fa6dc853f111fd746523ca53
  branch: master
  specs:
    spree_credit_lines (3.0.0)
      spree_core (~> 3.0.0)

GIT
  remote: git://github.com/moholtzberg/spree_error_pages.git
  revision: 46f44462452a2101a88f7ef3566cf5309ba04f0c
  branch: master
  specs:
    spree_error_pages (3.0.0)
      spree_core (~> 3.0.0)

GIT
  remote: git://github.com/moholtzberg/spree_msrp.git
  revision: e66fa3bd80d59dee12c1b171a0cabb46944fc278
  branch: 3-0-stable
  specs:
    spree_msrp (3.0.0.rc)
      spree_core (~> 3.0.0.rc)

GIT
  remote: git://github.com/moholtzberg/spree_product_documents.git
  revision: 70e08e304a9ddc89f64747ddc95e4f46a8dcc4fa
  branch: master
  specs:
    spree_product_documents (3.0.0.rc)
      spree_backend (~> 3.0.0.rc)
      spree_core (~> 3.0.0.rc)

GIT
  remote: git://github.com/moholtzberg/spree_shipstation.git
  revision: 15fa851a95c9f7c0e3b00319dae0b4270be62933
  branch: 3-0-stable
  specs:
    spree_shipstation (2.0.1)
      spree_core (~> 3.0)

GIT
  remote: git://github.com/spree-contrib/spree_active_shipping.git
  revision: 8514c32fe72d3690731538f0ffc278cb224cc6ed
  branch: 3-0-stable
  specs:
    spree_active_shipping (3.0.0.beta)
      active_shipping (~> 1.4.2)
      spree_core (~> 3.0.0)

GIT
  remote: git://github.com/spree-contrib/spree_comments.git
  revision: ab0ae79b2fb9c6da3bc7327353c656ab94d60698
  branch: 3-0-stable
  specs:
    spree_comments (3.0.0)
      acts_as_commentable (= 4.0.1)
      spree_api (~> 3.0.0)
      spree_backend (~> 3.0.0)
      spree_core (~> 3.0.0)

GIT
  remote: git://github.com/spree-contrib/spree_digital.git
  revision: 4472570044da25ab0577896a955433ccdbc3202a
  branch: 3-0-stable
  specs:
    spree_digital (1.1.1)
      spree_api
      spree_backend (~> 3.0.0)
      spree_core (~> 3.0.0)
      spree_frontend

GIT
  remote: git://github.com/spree-contrib/spree_print_invoice.git
  revision: d59b21a8e4b5c2f57385074c9a49bfeb2498f4f0
  branch: 3-0-stable
  specs:
    spree_print_invoice (3.0.0.beta)
      prawn (~> 1.0.0)
      spree_core (~> 3.0.0)

GIT
  remote: git://github.com/spree-contrib/spree_related_products.git
  revision: 0bbbc4503d7dce5aaae264d245de8f0e23b7bdc9
  branch: 3-0-stable
  specs:
    spree_related_products (3.2.0)
      spree_backend (~> 3.0.0)

GIT
  remote: git://github.com/spree-contrib/spree_sitemap.git
  revision: 1d719b440a30cd3cc1561abab3a2248af8b7d85b
  branch: 3-0-stable
  specs:
    spree_sitemap (2.0.0.beta)
      sitemap_generator (~> 4.3.1)
      spree_core (~> 3.0.0)

GIT
  remote: git://github.com/spree-contrib/spree_static_content.git
  revision: 80a74e1ad8e1843c6bfabcd700dc8edb84822fdd
  branch: 3-0-stable
  specs:
    spree_static_content (3.0.1)
      spree_core (~> 3.0.0)

GIT
  remote: git://github.com/spree/spree.git
  revision: 2f7322cdd764fd84bcb802eb157ad55118ff7ea0
  branch: 3-0-stable
  specs:
    spree (3.0.5.beta)
      spree_api (= 3.0.5.beta)
      spree_backend (= 3.0.5.beta)
      spree_cmd (= 3.0.5.beta)
      spree_core (= 3.0.5.beta)
      spree_frontend (= 3.0.5.beta)
      spree_sample (= 3.0.5.beta)
    spree_api (3.0.5.beta)
      rabl (~> 0.11.6)
      spree_core (= 3.0.5.beta)
      versioncake (~> 2.3.1)
    spree_backend (3.0.5.beta)
      bootstrap-sass (~> 3.3.1)
      jquery-rails (~> 4.0.3)
      jquery-ui-rails (~> 5.0.0)
      select2-rails (= 3.5.9.1)
      spree_api (= 3.0.5.beta)
      spree_core (= 3.0.5.beta)
      sprockets-rails (~> 2.2)
    spree_cmd (3.0.5.beta)
      thor (~> 0.14)
    spree_core (3.0.5.beta)
      activemerchant (~> 1.47.0)
      acts_as_list (~> 0.6)
      awesome_nested_set (~> 3.0.1)
      cancancan (~> 1.10.1)
      carmen (~> 1.0.0)
      deface (~> 1.0.0)
      ffaker (~> 1.16)
      font-awesome-rails (~> 4.0)
      friendly_id (~> 5.1.0)
      highline (~> 1.6.18)
      json (~> 1.7)
      kaminari (~> 0.15, >= 0.15.1)
      monetize (~> 1.1)
      paperclip (~> 4.2.0)
      paranoia (~> 2.1.0)
      premailer-rails
      rails (~> 4.2.2)
      ransack (~> 1.4.1)
      responders
      state_machines-activerecord (~> 0.2)
      stringex
      truncate_html (= 0.9.2)
      twitter_cldr (~> 3.0)
    spree_frontend (3.0.5.beta)
      bootstrap-sass (~> 3.3.1)
      canonical-rails (~> 0.0.4)
      jquery-rails (~> 4.0.3)
      spree_api (= 3.0.5.beta)
      spree_core (= 3.0.5.beta)
      sprockets-rails (~> 2.2)
    spree_sample (3.0.5.beta)
      spree_core (= 3.0.5.beta)

GIT
  remote: git://github.com/spree/spree_auth_devise.git
  revision: f231fce43686d66fe3e6d65ba8595b4474c49895
  branch: 3-0-stable
  specs:
    spree_auth_devise (3.0.0)
      devise (~> 3.4.1)
      devise-encryptable (= 0.1.2)
      json
      multi_json
      spree_core (~> 3.0.0)

GIT
  remote: git://github.com/spree/spree_gateway.git
  revision: 7301dc7c84c05b46427bf5003eda13ca64a48d7c
  branch: 3-0-stable
  specs:
    spree_gateway (3.0.0.beta)
      spree_core (~> 3.0.0)

GEM
  remote: https://rubygems.org/
  remote: https://rails-assets.org/
  specs:
    actionmailer (4.2.2)
      actionpack (= 4.2.2)
      actionview (= 4.2.2)
      activejob (= 4.2.2)
      mail (~> 2.5, >= 2.5.4)
      rails-dom-testing (~> 1.0, >= 1.0.5)
    actionpack (4.2.2)
      actionview (= 4.2.2)
      activesupport (= 4.2.2)
      rack (~> 1.6)
      rack-test (~> 0.6.2)
      rails-dom-testing (~> 1.0, >= 1.0.5)
      rails-html-sanitizer (~> 1.0, >= 1.0.1)
    actionview (4.2.2)
      activesupport (= 4.2.2)
      builder (~> 3.1)
      erubis (~> 2.7.0)
      rails-dom-testing (~> 1.0, >= 1.0.5)
      rails-html-sanitizer (~> 1.0, >= 1.0.1)
    active_shipping (1.4.3)
      active_utils (~> 3.0.0)
      activesupport (>= 3.2, < 5.0.0)
      nokogiri (>= 1.6)
      quantified (~> 1.0.1)
    active_utils (3.0.0)
      activesupport (>= 3.2)
      i18n
    activejob (4.2.2)
      activesupport (= 4.2.2)
      globalid (>= 0.3.0)
    activemerchant (1.47.0)
      activesupport (>= 3.2.14, < 5.0.0)
      builder (>= 2.1.2, < 4.0.0)
      i18n (>= 0.6.9)
      nokogiri (~> 1.4)
    activemodel (4.2.2)
      activesupport (= 4.2.2)
      builder (~> 3.1)
    activerecord (4.2.2)
      activemodel (= 4.2.2)
      activesupport (= 4.2.2)
      arel (~> 6.0)
    activesupport (4.2.2)
      i18n (~> 0.7)
      json (~> 1.7, >= 1.7.7)
      minitest (~> 5.1)
      thread_safe (~> 0.3, >= 0.3.4)
      tzinfo (~> 1.1)
    acts_as_commentable (4.0.1)
    acts_as_list (0.7.2)
      activerecord (>= 3.0)
    addressable (2.3.8)
    arel (6.0.3)
    autoprefixer-rails (6.1.1)
      execjs
      json
    awesome_nested_set (3.0.2)
      activerecord (>= 4.0.0, < 5)
    aws-sdk (1.66.0)
      aws-sdk-v1 (= 1.66.0)
    aws-sdk-v1 (1.66.0)
      json (~> 1.4)
      nokogiri (>= 1.4.4)
    bcrypt (3.1.10)
    better_errors (2.1.1)
      coderay (>= 1.0.0)
      erubis (>= 2.6.6)
      rack (>= 0.9.0)
    binding_of_caller (0.7.2)
      debug_inspector (>= 0.0.1)
    bootstrap-sass (3.3.6)
      autoprefixer-rails (>= 5.2.1)
      sass (>= 3.3.4)
    browser (1.0.1)
    builder (3.2.2)
    business_time (0.7.4)
      activesupport (>= 3.1.0)
      tzinfo
    byebug (8.2.1)
    camertron-eprun (1.1.0)
    cancancan (1.10.1)
    canonical-rails (0.0.11)
      rails (>= 3.1, < 5.0)
    capistrano (3.4.0)
      i18n
      rake (>= 10.0.0)
      sshkit (~> 1.3)
    capistrano-bundler (1.1.4)
      capistrano (~> 3.1)
      sshkit (~> 1.2)
    capistrano-rails (1.1.5)
      capistrano (~> 3.1)
      capistrano-bundler (~> 1.1)
    capistrano-rvm (0.1.2)
      capistrano (~> 3.0)
      sshkit (~> 1.2)
    carmen (1.0.2)
      activesupport (>= 3.0.0)
    chronic (0.10.2)
    cldr-plurals-runtime-rb (1.0.1)
    climate_control (0.0.3)
      activesupport (>= 3.0)
    cocaine (0.5.8)
      climate_control (>= 0.0.3, < 1.0)
    coderay (1.1.0)
    coffee-rails (4.0.1)
      coffee-script (>= 2.2.0)
      railties (>= 4.0.0, < 5.0)
    coffee-script (2.4.1)
      coffee-script-source
      execjs
    coffee-script-source (1.10.0)
    colorize (0.7.7)
    css_parser (1.3.7)
      addressable
    debug_inspector (0.0.2)
    deface (1.0.2)
      colorize (>= 0.5.8)
      nokogiri (~> 1.6.0)
      polyglot
      rails (>= 3.1)
    delayed_job (4.1.1)
      activesupport (>= 3.0, < 5.0)
    delayed_job_active_record (4.1.0)
      activerecord (>= 3.0, < 5)
      delayed_job (>= 3.0, < 5)
    devise (3.4.1)
      bcrypt (~> 3.0)
      orm_adapter (~> 0.1)
      railties (>= 3.2.6, < 5)
      responders
      thread_safe (~> 0.1)
      warden (~> 1.2.3)
    devise-encryptable (0.1.2)
      devise (>= 2.1.0)
    domain_name (0.5.25)
      unf (>= 0.0.5, < 1.0.0)
    erubis (2.7.0)
    execjs (2.6.0)
    ffaker (1.32.1)
    font-awesome-rails (4.5.0.0)
      railties (>= 3.2, < 5.0)
    friendly_id (5.1.0)
      activerecord (>= 4.0.0)
    globalid (0.3.6)
      activesupport (>= 4.1.0)
    highline (1.6.21)
    htmlentities (4.3.4)
    http-cookie (1.0.2)
      domain_name (~> 0.5)
    i18n (0.7.0)
    jbuilder (2.3.2)
      activesupport (>= 3.0.0, < 5)
      multi_json (~> 1.2)
    jquery-rails (4.0.5)
      rails-dom-testing (~> 1.0)
      railties (>= 4.2.0)
      thor (>= 0.14, < 2.0)
    jquery-ui-rails (5.0.5)
      railties (>= 3.2.16)
    json (1.8.3)
    kaminari (0.16.3)
      actionpack (>= 3.0.0)
      activesupport (>= 3.0.0)
    kgio (2.10.0)
    libv8 (3.16.14.13)
    loofah (2.0.3)
      nokogiri (>= 1.5.9)
    mail (2.6.3)
      mime-types (>= 1.16, < 3)
    mailgun-ruby (1.0.3)
      json (~> 1.8)
      rest-client (~> 1.6)
    mime-types (2.99)
    mini_portile (0.6.2)
    minitest (5.8.3)
    monetize (1.3.1)
      money (~> 6.6)
    money (6.6.1)
      i18n (>= 0.6.4, <= 0.7.0)
    multi_json (1.11.2)
    net-scp (1.2.1)
      net-ssh (>= 2.6.5)
    net-ssh (3.0.1)
    netrc (0.11.0)
    newrelic_rpm (3.14.0.305)
    nokogiri (1.6.6.4)
      mini_portile (~> 0.6.0)
    orm_adapter (0.5.0)
    paperclip (4.2.4)
      activemodel (>= 3.2.0)
      activesupport (>= 3.2.0)
      cocaine (~> 0.5.5)
      mime-types
    paranoia (2.1.4)
      activerecord (~> 4.0)
    pdf-core (0.2.5)
    pg (0.18.4)
    polyamorous (1.2.0)
      activerecord (>= 3.0)
    polyglot (0.3.5)
    prawn (1.0.0)
      pdf-core (~> 0.2.2)
      ttfunk (~> 1.1.1)
    premailer (1.8.6)
      css_parser (>= 1.3.6)
      htmlentities (>= 4.0.0)
    premailer-rails (1.8.2)
      actionmailer (>= 3, < 5)
      premailer (~> 1.7, >= 1.7.9)
    quantified (1.0.1)
    rabl (0.11.6)
      activesupport (>= 2.3.14)
    rack (1.6.4)
    rack-test (0.6.3)
      rack (>= 1.0)
    rails (4.2.2)
      actionmailer (= 4.2.2)
      actionpack (= 4.2.2)
      actionview (= 4.2.2)
      activejob (= 4.2.2)
      activemodel (= 4.2.2)
      activerecord (= 4.2.2)
      activesupport (= 4.2.2)
      bundler (>= 1.3.0, < 2.0)
      railties (= 4.2.2)
      sprockets-rails
    rails-deprecated_sanitizer (1.0.3)
      activesupport (>= 4.2.0.alpha)
    rails-dom-testing (1.0.7)
      activesupport (>= 4.2.0.beta, < 5.0)
      nokogiri (~> 1.6.0)
      rails-deprecated_sanitizer (>= 1.0.1)
    rails-html-sanitizer (1.0.2)
      loofah (~> 2.0)
    rails_12factor (0.0.3)
      rails_serve_static_assets
      rails_stdout_logging
    rails_serve_static_assets (0.0.4)
    rails_stdout_logging (0.0.4)
    railties (4.2.2)
      actionpack (= 4.2.2)
      activesupport (= 4.2.2)
      rake (>= 0.8.7)
      thor (>= 0.18.1, < 2.0)
    raindrops (0.15.0)
    rake (10.4.2)
    ransack (1.4.1)
      actionpack (>= 3.0)
      activerecord (>= 3.0)
      activesupport (>= 3.0)
      i18n
      polyamorous (~> 1.1)
    rdoc (4.2.0)
    ref (2.0.0)
    responders (2.1.0)
      railties (>= 4.2.0, < 5)
    rest-client (1.8.0)
      http-cookie (>= 1.0.2, < 2.0)
      mime-types (>= 1.16, < 3.0)
      netrc (~> 0.7)
    sass (3.4.19)
    sass-rails (5.0.4)
      railties (>= 4.0.0, < 5.0)
      sass (~> 3.1)
      sprockets (>= 2.8, < 4.0)
      sprockets-rails (>= 2.0, < 4.0)
      tilt (>= 1.1, < 3)
    sdoc (0.4.1)
      json (~> 1.7, >= 1.7.7)
      rdoc (~> 4.0)
    select2-rails (3.5.9.1)
      thor (~> 0.14)
    sitemap_generator (4.3.1)
      builder
    spring (1.4.4)
    sprockets (3.4.1)
      rack (> 1, < 3)
    sprockets-rails (2.3.3)
      actionpack (>= 3.0)
      activesupport (>= 3.0)
      sprockets (>= 2.8, < 4.0)
    sqlite3 (1.3.11)
    sshkit (1.7.1)
      colorize (>= 0.7.0)
      net-scp (>= 1.1.2)
      net-ssh (>= 2.8.0)
    state_machines (0.4.0)
    state_machines-activemodel (0.3.0)
      activemodel (~> 4.1)
      state_machines (>= 0.4.0)
    state_machines-activerecord (0.3.0)
      activerecord (~> 4.1)
      state_machines-activemodel (>= 0.3.0)
    stringex (2.5.2)
    therubyracer (0.12.2)
      libv8 (~> 3.16.14.0)
      ref
    thor (0.19.1)
    thread_safe (0.3.5)
    tilt (2.0.1)
    truncate_html (0.9.2)
    ttfunk (1.1.1)
    turbolinks (2.5.3)
      coffee-rails
    twitter_cldr (3.2.1)
      camertron-eprun
      cldr-plurals-runtime-rb (~> 1.0.0)
      json
      tzinfo
    tzinfo (1.2.2)
      thread_safe (~> 0.1)
    uglifier (2.7.2)
      execjs (>= 0.3.0)
      json (>= 1.8.0)
    unf (0.1.4)
      unf_ext
    unf_ext (0.0.7.1)
    unicorn (5.0.1)
      kgio (~> 2.6)
      rack
      raindrops (~> 0.7)
    versioncake (2.3.1)
      actionpack (>= 3.2)
      activesupport (>= 3.2)
      railties (>= 3.2)
      tzinfo
    warden (1.2.3)
      rack (>= 1.0)
    web-console (2.2.1)
      activemodel (>= 4.0)
      binding_of_caller (>= 0.7.2)
      railties (>= 4.0)
      sprockets-rails (>= 2.0, < 4.0)
    whenever (0.9.4)
      chronic (>= 0.6.3)

PLATFORMS
  ruby

DEPENDENCIES
  aws-sdk (< 2.0)
  better_errors
  binding_of_caller
  browser
  business_time
  byebug
  capistrano-bundler
  capistrano-rails (~> 1.1.3)
  capistrano-rvm
  coffee-rails (~> 4.0.0)
  delayed_job
  delayed_job_active_record
  import_products!
  jbuilder (~> 2.0)
  jquery-rails
  mailgun-ruby (~> 1.0.3)
  newrelic_rpm
  paperclip
  pg
  premailer-rails
  rails (= 4.2.2)
  rails_12factor
  sass-rails
  sdoc (~> 0.4.0)
  spree!
  spree_active_shipping!
  spree_auth_devise!
  spree_comments!
  spree_credit_lines!
  spree_digital!
  spree_error_pages!
  spree_gateway!
  spree_msrp!
  spree_print_invoice!
  spree_product_documents!
  spree_related_products!
  spree_shipstation!
  spree_sitemap!
  spree_static_content!
  spring
  sqlite3
  therubyracer
  turbolinks
  uglifier (>= 1.3.0)
  unicorn
  web-console (~> 2.0)
  whenever
